PATH
  remote: ~/xzh/Ruler
  specs:
    Rulers (0.0.1)
      erubis
      rack

GEM
  specs:
    erubis (2.7.0)
    rack (2.0.1)

PLATFORMS
  ruby

DEPENDENCIES
  Rulers!

BUNDLED WITH
   1.13.6
