PATH
  remote: ~/xzh/Ruler
  specs:
    Rulers (0.0.1)
      rack

GEM
  specs:
    rack (1.6.4)

PLATFORMS
  ruby

DEPENDENCIES
  Rulers!

BUNDLED WITH
   1.13.6
