PATH
  remote: ~/xzh/Rulers
  specs:
    Rulers (0.0.1)
      rack

GEM
  specs:
    rack (2.0.1)

PLATFORMS
  ruby

DEPENDENCIES
  Rulers!

BUNDLED WITH
   1.13.6
